GIT
  remote: https://github.com/steakknife/digest-sha3-ruby.git
  revision: 8f9581acae2cb03a531bf3d9c8c2c2a8d761ea71
  specs:
    digest-sha3 (2.0.0)

GEM
  remote: https://rubygems.org/
  specs:
    diff-lcs (1.3)
    oj (2.18.5)
    rlp (0.7.3)
    rspec-core (3.5.4)
      rspec-support (~> 3.5.0)
    rspec-expectations (3.5.0)
      diff-lcs (>= 1.2.0, < 2.0)
      rspec-support (~> 3.5.0)
    rspec-mocks (3.5.0)
      diff-lcs (>= 1.2.0, < 2.0)
      rspec-support (~> 3.5.0)
    rspec-support (3.5.0)

PLATFORMS
  ruby

DEPENDENCIES
  digest-sha3!
  oj
  rlp
  rspec-core
  rspec-expectations
  rspec-mocks

BUNDLED WITH
   1.14.6
